PATH
  remote: .
  specs:
    ilpomodoro (0.0.0)
      hashie
      highline
      logging
      pivotal-tracker
      terminal-notifier

GEM
  remote: https://rubygems.org/
  specs:
    builder (3.2.2)
    cancun (0.0.6)
      sourcify
    crack (0.4.1)
      safe_yaml (~> 0.9.0)
    diff-lcs (1.2.4)
    file-tail (1.0.12)
      tins (~> 0.5)
    happymapper (0.4.1)
      libxml-ruby (~> 2.0)
    hashie (2.0.5)
    highline (1.6.20)
    libxml-ruby (2.7.0)
    little-plugger (1.1.3)
    logging (1.8.1)
      little-plugger (>= 1.1.3)
      multi_json (>= 1.3.6)
    mime-types (1.25)
    mini_portile (0.5.2)
    multi_json (1.8.2)
    nokogiri (1.6.0)
      mini_portile (~> 0.5.0)
    nokogiri-happymapper (0.5.8)
      nokogiri (~> 1.5)
    pivotal-tracker (0.5.12)
      builder
      builder
      crack
      happymapper (>= 0.3.2)
      nokogiri (>= 1.4.3)
      nokogiri (>= 1.5.5)
      nokogiri-happymapper (>= 0.5.4)
      rest-client (~> 1.6.0)
      rest-client (~> 1.6.0)
    rake (10.1.0)
    rest-client (1.6.7)
      mime-types (>= 1.16)
    rspec (2.14.1)
      rspec-core (~> 2.14.0)
      rspec-expectations (~> 2.14.0)
      rspec-mocks (~> 2.14.0)
    rspec-core (2.14.6)
    rspec-expectations (2.14.3)
      diff-lcs (>= 1.1.3, < 2.0)
    rspec-mocks (2.14.4)
    ruby2ruby (2.0.7)
      ruby_parser (~> 3.1)
      sexp_processor (~> 4.0)
    ruby_parser (3.4.1)
      sexp_processor (~> 4.1)
    safe_yaml (0.9.7)
    sexp_processor (4.4.1)
    sourcify (0.5.0)
      file-tail (>= 1.0.5)
      ruby2ruby (>= 1.2.5)
      ruby_parser (>= 2.0.5)
      sexp_processor (>= 3.0.5)
    terminal-notifier (1.5.1)
    tins (0.13.2)

PLATFORMS
  ruby

DEPENDENCIES
  cancun
  ilpomodoro!
  rake
  rspec
  rspec-core
